GIT
  remote: https://github.com/scalone/walk-simplehttp-poc.git
  revision: 5b1e7813e9b5653d3005f799a1a4bd3871596dd9
  specs:
    simplehttp (0.4.1)

PATH
  remote: .
  specs:
    da_funk (0.5.4)
      bundler (~> 1.7)
      cloudwalk_handshake (~> 0.5)
      posxml_parser (~> 0.6)
      rake (~> 10.4)
      yard (~> 0.8)

GEM
  remote: https://rubygems.org/
  specs:
    rake (10.4.2)
    cloudwalk_handshake (0.5.1)
    posxml_parser (0.7.1)
    yard (0.8.7.6)

PLATFORMS
  ruby
  x86-mingw32

DEPENDENCIES
  cloudwalk_handshake
  da_funk!
  posxml_parser
  simplehttp!
  yard
