PATH
  remote: .
  specs:
    da_funk (0.4.1)
      bundler (>= 1.7)
      rake (~> 10.4.2)
      yard (~> 0.8)

GEM
  remote: https://rubygems.org/
  specs:
    rake (10.4.2)
    yard (0.8.7.6)

PLATFORMS
  ruby
  x86-mingw32

DEPENDENCIES
  da_funk!
  yard
