PATH
  remote: .
  specs:
    da_funk (0.6.0)
      bundler (~> 1.7)
      cloudwalk_handshake (~> 0.5)
      posxml_parser (~> 0.6)
      rake (~> 10.4)
      yard (~> 0.8)

GEM
  remote: https://rubygems.org/
  specs:
    cloudwalk_handshake (0.5.1)
    funky-simplehttp (0.4.3)
    posxml_parser (0.7.2)
    rake (10.5.0)
    yard (0.8.7.6)

PLATFORMS
  ruby

DEPENDENCIES
  cloudwalk_handshake
  da_funk!
  funky-simplehttp
  posxml_parser
  yard
