GIT
  remote: https://github.com/scalone/walk-simplehttp-poc.git
  revision: faff47627d0308f5a3083f35767d594533c5ab1b
  specs:
    simplehttp (0.3.1)

PATH
  remote: .
  specs:
    da_funk (0.4.7)
      bundler (~> 1.7)
      rake (~> 10.4)
      yard (~> 0.8)

GEM
  remote: https://rubygems.org/
  specs:
    cloudwalk_handshake (0.2.0)
    rake (10.4.2)
    yard (0.8.7.6)

PLATFORMS
  ruby
  x86-mingw32

DEPENDENCIES
  cloudwalk_handshake
  da_funk!
  simplehttp!
  yard
