PATH
  remote: .
  specs:
    da_funk (1.1.0)
      archive-zip (~> 0.5)
      bundler (~> 1.7)
      cloudwalk_handshake (~> 0.6)
      funky-emv (~> 0.3)
      posxml_parser (~> 0)
      rake (>= 10)

GEM
  remote: https://rubygems.org/
  specs:
    archive-zip (0.10.0)
      io-like (~> 0.3.0)
    ast (2.3.0)
    cloudwalk (1.1.0)
      bundler
      rake
    cloudwalk_handshake (0.12.0)
    funky-emv (0.15.0)
      funky-tlv (~> 0.2)
    funky-simplehttp (0.4.4)
    funky-tlv (0.2.3)
    io-like (0.3.0)
    parallel (1.12.1)
    parser (2.4.0.2)
      ast (~> 2.3)
    posxml_parser (0.31.0)
      funky-emv (~> 0.3)
    powerpack (0.1.1)
    rainbow (3.0.0)
    rake (12.3.0)
    rubocop (0.52.1)
      parallel (~> 1.10)
      parser (>= 2.4.0.2, < 3.0)
      powerpack (~> 0.1)
      rainbow (>= 2.2.2, < 4.0)
      ruby-progressbar (~> 1.7)
      unicode-display_width (~> 1.0, >= 1.0.1)
    ruby-progressbar (1.9.0)
    unicode-display_width (1.3.0)
    yard (0.9.12)

PLATFORMS
  ruby
  x86-mingw32

DEPENDENCIES
  cloudwalk (= 1.1.0)
  da_funk!
  funky-simplehttp (~> 0.2)
  rubocop
  yard

BUNDLED WITH
   1.16.1
