GIT
  remote: https://github.com/scalone/walk-simplehttp-poc.git
  revision: 5b1e7813e9b5653d3005f799a1a4bd3871596dd9
  specs:
    simplehttp (0.4.1)

PATH
  remote: .
  specs:
    da_funk (0.4.20)
      bundler (~> 1.7)
      cloudwalk_handshake (~> 0.4)
      rake (~> 10.4)
      yard (~> 0.8)

GEM
  remote: https://rubygems.org/
  specs:
    cloudwalk_handshake (0.4.11)
    rake (10.4.2)
    yard (0.8.7.6)

PLATFORMS
  ruby
  x86-mingw32

DEPENDENCIES
  cloudwalk_handshake
  da_funk!
  simplehttp!
  yard
