GIT
  remote: https://github.com/scalone/walk-simplehttp-poc.git
  revision: 9dad485f7a7c4e783651805b3e75a4779629b0cb
  specs:
    simplehttp (0.4.0)

PATH
  remote: .
  specs:
    da_funk (0.4.9)
      bundler (~> 1.7)
      cloudwalk_handshake (~> 0.3)
      rake (~> 10.4)
      yard (~> 0.8)

GEM
  remote: https://rubygems.org/
  specs:
    cloudwalk_handshake (0.3.0)
    rake (10.4.2)
    yard (0.8.7.6)

PLATFORMS
  ruby
  x86-mingw32

DEPENDENCIES
  cloudwalk_handshake
  da_funk!
  simplehttp!
  yard
