PATH
  remote: .
  specs:
    da_funk (0.3.0)
      bundler (>= 1.7)
      rake (~> 10.4.2)
      rdoc (>= 4.1.1)
      yard (>= 0.8)

GEM
  remote: https://rubygems.org/
  specs:
    json (1.8.1)
    rake (10.4.2)
    rdoc (4.2.0)
      json (~> 1.4)
    yard (0.8.7.6)

PLATFORMS
  ruby

DEPENDENCIES
  da_funk!
