PATH
  remote: .
  specs:
    da_funk (3.4.0)
      archive-zip (~> 0.5)
      bundler
      cloudwalk_handshake
      funky-emv
      posxml_parser
      rake

GEM
  remote: https://rubygems.org/
  specs:
    archive-zip (0.12.0)
      io-like (~> 0.3.0)
    ast (2.4.0)
    cloudwalk (1.14.1)
      bundler
      rake
    cloudwalk_handshake (1.2.6)
      funky-simplehttp (~> 0.6)
    funky-emv (0.23.5)
      funky-tlv (~> 0.2)
    funky-simplehttp (0.6.0)
    funky-tlv (0.2.3)
    io-like (0.3.0)
    jaro_winkler (1.5.2)
    parallel (1.17.0)
    parser (2.6.2.1)
      ast (~> 2.4.0)
    posxml_parser (2.18.0)
      funky-emv (~> 0.3)
    psych (3.1.0)
    psych (3.1.0-x64-mingw32)
    psych (3.1.0-x86-mingw32)
    rainbow (3.0.0)
    rake (12.3.2)
    rubocop (0.67.2)
      jaro_winkler (~> 1.5.1)
      parallel (~> 1.10)
      parser (>= 2.5, != 2.5.1.1)
      psych (>= 3.1.0)
      rainbow (>= 2.2.2, < 4.0)
      ruby-progressbar (~> 1.7)
      unicode-display_width (>= 1.4.0, < 1.6)
    ruby-progressbar (1.10.0)
    unicode-display_width (1.5.0)
    yard (0.9.19)

PLATFORMS
  ruby
  x64-mingw32
  x86-mingw32

DEPENDENCIES
  cloudwalk
  da_funk!
  funky-simplehttp
  rubocop
  yard

BUNDLED WITH
   2.0.1
