PATH
  remote: .
  specs:
    da_funk (2.0.4)
      archive-zip (~> 0.5)
      bundler
      cloudwalk_handshake
      funky-emv
      posxml_parser
      rake

GEM
  remote: https://rubygems.org/
  specs:
    archive-zip (0.11.0)
      io-like (~> 0.3.0)
    ast (2.4.0)
    cloudwalk (1.11.2)
      bundler
      rake
    cloudwalk_handshake (0.13.2)
    funky-emv (0.20.1)
      funky-tlv (~> 0.2)
    funky-simplehttp (0.5.0)
    funky-tlv (0.2.3)
    io-like (0.3.0)
    jaro_winkler (1.5.1)
    parallel (1.12.1)
    parser (2.5.1.2)
      ast (~> 2.4.0)
    posxml_parser (2.8.5)
      funky-emv (~> 0.3)
    powerpack (0.1.2)
    rainbow (3.0.0)
    rake (12.3.1)
    rubocop (0.59.2)
      jaro_winkler (~> 1.5.1)
      parallel (~> 1.10)
      parser (>= 2.5, != 2.5.1.1)
      powerpack (~> 0.1)
      rainbow (>= 2.2.2, < 4.0)
      ruby-progressbar (~> 1.7)
      unicode-display_width (~> 1.0, >= 1.0.1)
    ruby-progressbar (1.10.0)
    unicode-display_width (1.4.0)
    yard (0.9.16)

PLATFORMS
  ruby
  x64-mingw32
  x86-mingw32

DEPENDENCIES
  cloudwalk
  da_funk!
  funky-simplehttp
  rubocop
  yard

BUNDLED WITH
   1.16.1
