PATH
  remote: .
  specs:
    da_funk (3.18.1)
      archive-zip (~> 0.5)
      bundler
      cloudwalk_handshake
      funky-emv
      posxml_parser
      rake

GEM
  remote: https://rubygems.org/
  specs:
    archive-zip (0.12.0)
      io-like (~> 0.3.0)
    ast (2.4.0)
    cloudwalk (1.15.0)
      bundler
      rake
    cloudwalk_handshake (1.13.0)
      funky-simplehttp (~> 0.6)
    funky-emv (1.2.2)
      funky-tlv (~> 0.2)
    funky-mock (0.1.0)
    funky-simplehttp (0.6.0)
    funky-tlv (0.2.3)
    io-like (0.3.1)
    jaro_winkler (1.5.4)
    parallel (1.19.1)
    parser (2.7.0.2)
      ast (~> 2.4.0)
    posxml_parser (2.26.0)
      funky-emv (~> 1)
    rainbow (3.0.0)
    rake (13.0.1)
    rubocop (0.79.0)
      jaro_winkler (~> 1.5.1)
      parallel (~> 1.10)
      parser (>= 2.7.0.1)
      rainbow (>= 2.2.2, < 4.0)
      ruby-progressbar (~> 1.7)
      unicode-display_width (>= 1.4.0, < 1.7)
    ruby-progressbar (1.10.1)
    unicode-display_width (1.6.1)
    yard (0.9.24)

PLATFORMS
  ruby
  x64-mingw32
  x86-mingw32

DEPENDENCIES
  cloudwalk
  da_funk!
  funky-mock
  funky-simplehttp
  rubocop
  yard

BUNDLED WITH
   2.0.2
