PATH
  remote: .
  specs:
    da_funk (1.7.1)
      archive-zip (~> 0.5)
      bundler
      cloudwalk_handshake
      funky-emv
      posxml_parser
      rake

GEM
  remote: https://rubygems.org/
  specs:
    archive-zip (0.11.0)
      io-like (~> 0.3.0)
    ast (2.4.0)
    cloudwalk (1.5.0)
      bundler
      rake
    cloudwalk_handshake (0.12.0)
    funky-emv (0.16.2)
      funky-tlv (~> 0.2)
    funky-simplehttp (0.5.0)
    funky-tlv (0.2.3)
    io-like (0.3.0)
    parallel (1.12.1)
    parser (2.4.0.2)
      ast (~> 2.3)
    posxml_parser (2.2.1)
      funky-emv (~> 0.3)
    powerpack (0.1.1)
    rainbow (3.0.0)
    rake (12.3.0)
    rubocop (0.52.1)
      parallel (~> 1.10)
      parser (>= 2.4.0.2, < 3.0)
      powerpack (~> 0.1)
      rainbow (>= 2.2.2, < 4.0)
      ruby-progressbar (~> 1.7)
      unicode-display_width (~> 1.0, >= 1.0.1)
    ruby-progressbar (1.9.0)
    unicode-display_width (1.3.0)
    yard (0.9.12)

PLATFORMS
  ruby
  x86-mingw32

DEPENDENCIES
  cloudwalk
  da_funk!
  funky-simplehttp
  rubocop
  yard

BUNDLED WITH
   1.16.1
