PATH
  remote: .
  specs:
    da_funk (0.1.0)

GEM
  remote: https://rubygems.org/
  specs:
    json (1.8.1)
    rake (10.3.2)
    rdoc (4.1.1)
      json (~> 1.4)
    yard (0.8.7.4)

PLATFORMS
  ruby
  x86-mingw32

DEPENDENCIES
  bundler (~> 1.7)
  da_funk!
  rake
  rdoc
  yard
