PATH
  remote: .
  specs:
    da_funk (0.3.2)
      bundler (>= 1.7)
      rake (~> 10.4.2)

GEM
  remote: https://rubygems.org/
  specs:
    json (1.8.2)
    rake (10.4.2)
    rdoc (4.2.0)
      json (~> 1.4)
    yard (0.8.7.6)

PLATFORMS
  ruby
  x86-mingw32

DEPENDENCIES
  da_funk!
  rdoc
  yard
