PATH
  remote: .
  specs:
    da_funk (0.7.5)
      bundler (~> 1.7)
      cloudwalk_handshake (~> 0.5)
      posxml_parser (~> 0.6)
      rake (~> 10.4)
      yard (~> 0.8)

GEM
  remote: https://rubygems.org/
  specs:
    cloudwalk_handshake (0.6.0)
    posxml_parser (0.9.0)
    rake (10.5.0)
    yard (0.8.7.6)

PLATFORMS
  ruby
  x86-mingw32

DEPENDENCIES
  da_funk!
  yard
