PATH
  remote: .
  specs:
    da_funk (3.24.2)
      archive-zip (~> 0.5)
      bundler
      cloudwalk_handshake
      funky-emv
      posxml_parser
      rake

GEM
  remote: https://rubygems.org/
  specs:
    archive-zip (0.12.0)
      io-like (~> 0.3.0)
    ast (2.4.1)
    cloudwalk (1.15.0)
      bundler
      rake
    cloudwalk_handshake (1.14.0)
      funky-simplehttp (~> 0.6)
    funky-emv (1.4.1)
      funky-tlv (~> 0.2)
    funky-mock (0.1.0)
    funky-simplehttp (0.6.0)
    funky-tlv (0.2.3)
    io-like (0.3.1)
    parallel (1.19.2)
    parser (2.7.1.4)
      ast (~> 2.4.1)
    posxml_parser (2.26.0)
      funky-emv (~> 1)
    rainbow (3.0.0)
    rake (13.0.1)
    regexp_parser (1.7.1)
    rexml (3.2.4)
    rubocop (0.86.0)
      parallel (~> 1.10)
      parser (>= 2.7.0.1)
      rainbow (>= 2.2.2, < 4.0)
      regexp_parser (>= 1.7)
      rexml
      rubocop-ast (>= 0.0.3, < 1.0)
      ruby-progressbar (~> 1.7)
      unicode-display_width (>= 1.4.0, < 2.0)
    rubocop-ast (0.0.3)
      parser (>= 2.7.0.1)
    ruby-progressbar (1.10.1)
    unicode-display_width (1.7.0)
    yard (0.9.25)

PLATFORMS
  ruby
  x64-mingw32
  x86-mingw32

DEPENDENCIES
  cloudwalk
  da_funk!
  funky-mock
  funky-simplehttp
  rubocop
  yard

BUNDLED WITH
   2.1.4
