PATH
  remote: .
  specs:
    da_funk (3.8.0)
      archive-zip (~> 0.5)
      bundler
      cloudwalk_handshake
      funky-emv
      posxml_parser
      rake

GEM
  remote: https://rubygems.org/
  specs:
    archive-zip (0.12.0)
      io-like (~> 0.3.0)
    ast (2.4.0)
    cloudwalk (1.14.3)
      bundler
      rake
    cloudwalk_handshake (1.3.0)
      funky-simplehttp (~> 0.6)
    funky-emv (0.25.0)
      funky-tlv (~> 0.2)
    funky-simplehttp (0.6.0)
    funky-tlv (0.2.3)
    io-like (0.3.0)
    jaro_winkler (1.5.2)
    parallel (1.17.0)
    parser (2.6.3.0)
      ast (~> 2.4.0)
    posxml_parser (2.18.0)
      funky-emv (~> 0.3)
    rainbow (3.0.0)
    rake (12.3.2)
    rubocop (0.71.0)
      jaro_winkler (~> 1.5.1)
      parallel (~> 1.10)
      parser (>= 2.6)
      rainbow (>= 2.2.2, < 4.0)
      ruby-progressbar (~> 1.7)
      unicode-display_width (>= 1.4.0, < 1.7)
    ruby-progressbar (1.10.1)
    unicode-display_width (1.6.0)
    yard (0.9.19)

PLATFORMS
  ruby
  x64-mingw32
  x86-mingw32

DEPENDENCIES
  cloudwalk
  da_funk!
  funky-simplehttp
  rubocop
  yard

BUNDLED WITH
   2.0.1
